GEM
  remote: https://rubygems.org/
  specs:
    ast (2.4.2)
    coderay (1.1.3)
    commander (4.6.0)
      highline (~> 2.0.0)
    highline (2.0.3)
    json (2.6.2)
    language_server-protocol (3.17.0.1)
    method_source (1.0.0)
    parallel (1.22.1)
    parlour (8.0.0)
      commander (~> 4.5)
      parser
      rainbow (~> 3.0)
      sorbet-runtime (>= 0.5)
    parser (3.1.2.1)
      ast (~> 2.4.1)
    pry (0.14.1)
      coderay (~> 1.1)
      method_source (~> 1.0)
    rainbow (3.1.1)
    regexp_parser (2.5.0)
    rexml (3.2.5)
    rubocop (1.36.0)
      json (~> 2.3)
      parallel (~> 1.10)
      parser (>= 3.1.2.1)
      rainbow (>= 2.2.2, < 4.0)
      regexp_parser (>= 1.8, < 3.0)
      rexml (>= 3.2.5, < 4.0)
      rubocop-ast (>= 1.20.1, < 2.0)
      ruby-progressbar (~> 1.7)
      unicode-display_width (>= 1.4.0, < 3.0)
    rubocop-ast (1.21.0)
      parser (>= 3.1.1.0)
    ruby-lsp (0.0.4)
      language_server-protocol
      rubocop (>= 1.0)
      sorbet-runtime
      syntax_tree (>= 2.3)
    ruby-progressbar (1.11.0)
    sorbet (0.5.10439)
      sorbet-static (= 0.5.10439)
    sorbet-runtime (0.5.10439)
    sorbet-static (0.5.10439-universal-darwin-14)
    spoom (1.1.11)
      sorbet (>= 0.5.9204)
      sorbet-runtime (>= 0.5.9204)
      thor (>= 0.19.2)
    syntax_tree (2.3.1)
    tapioca (0.4.13)
      parlour (>= 2.1.0)
      pry (>= 0.12.2)
      sorbet-runtime
      sorbet-static (>= 0.4.4471)
      spoom
      thor (>= 0.19.2)
    thor (1.2.1)
    unicode-display_width (2.3.0)

PLATFORMS
  ruby

DEPENDENCIES
  ruby-lsp (~> 0.0.4)
  sorbet
  sorbet-runtime
  tapioca

BUNDLED WITH
   1.17.2
